PATH
  remote: .
  specs:
    rpg_lib (1.0.1)
      treetop (~> 1.6)

GEM
  remote: https://rubygems.org/
  specs:
    ast (2.4.0)
    diff-lcs (1.3)
    docile (1.1.5)
    json (2.3.1)
    parallel (1.12.1)
    parser (2.5.3.0)
      ast (~> 2.4.0)
    polyglot (0.3.5)
    powerpack (0.1.2)
    rainbow (2.2.2)
      rake
    rake (13.0.1)
    rspec (3.5.0)
      rspec-core (~> 3.5.0)
      rspec-expectations (~> 3.5.0)
      rspec-mocks (~> 3.5.0)
    rspec-core (3.5.4)
      rspec-support (~> 3.5.0)
    rspec-expectations (3.5.0)
      diff-lcs (>= 1.2.0, < 2.0)
      rspec-support (~> 3.5.0)
    rspec-mocks (3.5.0)
      diff-lcs (>= 1.2.0, < 2.0)
      rspec-support (~> 3.5.0)
    rspec-support (3.5.0)
    rubocop (0.49.1)
      parallel (~> 1.10)
      parser (>= 2.3.3.1, < 3.0)
      powerpack (~> 0.1)
      rainbow (>= 1.99.1, < 3.0)
      ruby-progressbar (~> 1.7)
      unicode-display_width (~> 1.0, >= 1.0.1)
    ruby-progressbar (1.10.0)
    simplecov (0.14.0)
      docile (~> 1.1.0)
      json (>= 1.8, < 3)
      simplecov-html (~> 0.10.0)
    simplecov-html (0.10.0)
    treetop (1.6.8)
      polyglot (~> 0.3)
    unicode-display_width (1.4.0)

PLATFORMS
  ruby

DEPENDENCIES
  bundler (~> 1.14)
  rake (~> 13.0)
  rpg_lib!
  rspec (~> 3.5)
  rubocop (~> 0.49.0)
  simplecov (~> 0.13)

BUNDLED WITH
   1.16.2
